GEM
  remote: https://rubygems.org/
  specs:
    api_cache (0.3.0)
    daemons (1.2.2)
    dalli (2.1.0)
    eventmachine (1.0.8)
    memcachier (0.0.2)
    rack (1.5.2)
    rack-contrib (1.1.0)
      rack (>= 0.9.1)
    rack-protection (1.2.0)
      rack
    sinatra (1.3.2)
      rack (~> 1.3, >= 1.3.6)
      rack-protection (~> 1.2)
      tilt (~> 1.3, >= 1.3.3)
    thin (1.6.3)
      daemons (~> 1.0, >= 1.0.9)
      eventmachine (~> 1.0)
      rack (~> 1.0)
    tilt (1.3.3)

PLATFORMS
  ruby

DEPENDENCIES
  api_cache
  dalli
  memcachier
  rack-contrib
  sinatra
  thin

BUNDLED WITH
   1.10.6
